NUGET
  remote: https://www.nuget.org/api/v2
  specs:
    FAKE (4.14.5)
    GtkSharp (3.1.3)
    GtkSharp.Win32 (3.1.2)
      GtkSharp (>= 3.1.0)
