NUGET
  remote: https://www.nuget.org/api/v2
  specs:
    FAKE (4.14.5)
    PostSharp (4.2.17)
    PostSharp.Patterns.Diagnostics (4.2.17)
      PostSharp (>= 4.2.17 < 5.0.0)
